{
    "AcquisitionNumber": 1,
    "AcquisitionTime": "10:29:26.930000",
    "BrainVoyagerInfo": {
        "AcquisitionTime": "102926.930000",
        "CalculatedDicomSlice1CenterX": -2.46826171875,
        "CalculatedDicomSlice1CenterY": -38.35030746459961,
        "CalculatedDicomSlice1CenterZ": -84.51643371582031,
        "CalculatedDicomSliceNCenterX": -2.46826171875,
        "CalculatedDicomSliceNCenterY": 16.137821197509766,
        "CalculatedDicomSliceNCenterZ": 30.754093170166016,
        "CoordinateSystem": 1,
        "DataStorageFormat": 2,
        "DataType": 2,
        "DicomColDirX": 0,
        "DicomColDirY": 0.9040825366973877,
        "DicomColDirZ": -0.42735788226127625,
        "DicomFoVCols": 210,
        "DicomFoVRows": 210,
        "DicomGapThickness": 0,
        "DicomNCols": 84,
        "DicomNRows": 84,
        "DicomPosInfoPresent": 1,
        "DicomRowDirX": 1,
        "DicomRowDirY": 0,
        "DicomRowDirZ": 0,
        "DicomSliceThickness": 2.5,
        "DocumentType": "FMR",
        "MultiBandSequence": true,
        "NrOfPastSpatialTransformations": 0,
        "NrOfPreprocessingSteps": 0,
        "NrOfSkippedVolumes": 0,
        "Protocol": {
            "Conditions": [
                {
                    "ColorB": 255,
                    "ColorG": 103,
                    "ColorR": 255,
                    "IntervalsFrom": [
                        33,
                        71,
                        87,
                        149,
                        171,
                        181,
                        191,
                        229
                    ],
                    "IntervalsTo": [
                        34,
                        72,
                        88,
                        150,
                        172,
                        182,
                        192,
                        230
                    ],
                    "Name": "Face_Same",
                    "NrOfIntervals": 8
                },
                {
                    "ColorB": 255,
                    "ColorG": 0,
                    "ColorR": 255,
                    "IntervalsFrom": [
                        55,
                        65,
                        81,
                        133,
                        207,
                        239,
                        245,
                        267
                    ],
                    "IntervalsTo": [
                        56,
                        66,
                        82,
                        134,
                        208,
                        240,
                        246,
                        268
                    ],
                    "Name": "Face_Dif",
                    "NrOfIntervals": 8
                },
                {
                    "ColorB": 255,
                    "ColorG": 0,
                    "ColorR": 129,
                    "IntervalsFrom": [
                        17,
                        97,
                        117,
                        123,
                        139,
                        155,
                        165,
                        261
                    ],
                    "IntervalsTo": [
                        18,
                        98,
                        118,
                        124,
                        140,
                        156,
                        166,
                        262
                    ],
                    "Name": "Hand_Same",
                    "NrOfIntervals": 8
                },
                {
                    "ColorB": 0,
                    "ColorG": 168,
                    "ColorR": 0,
                    "IntervalsFrom": [
                        23,
                        39,
                        49,
                        107,
                        197,
                        217,
                        223,
                        255
                    ],
                    "IntervalsTo": [
                        24,
                        40,
                        50,
                        108,
                        198,
                        218,
                        224,
                        256
                    ],
                    "Name": "Hand_Dif",
                    "NrOfIntervals": 8
                }
            ],
            "FileName": "sub-24_ses-01_EventRelated_run-3.prt",
            "Name": "newbi4fmri_VAR6_Adaptation",
            "NrOfConditions": 4,
            "TimeCourseColors": {
                "RefTCPenThick": 3,
                "RefTimeCourseB": 80,
                "RefTimeCourseG": 0,
                "RefTimeCourseR": 0,
                "TCBackColorB": 0,
                "TCBackColorG": 0,
                "TCBackColorR": 0,
                "TCPenThick": 3,
                "TCTextColorB": 255,
                "TCTextColorG": 255,
                "TCTextColorR": 255,
                "TimeCourseB": 255,
                "TimeCourseG": 255,
                "TimeCourseR": 255
            },
            "TimeResolution": "Volumes"
        },
        "SliceAcquisitionOrder": 5,
        "SliceAcquisitionOrderVerified": true,
        "SliceGap": 0,
        "SliceThickness": 2.5,
        "SliceTimingTable": [
            0,
            0.5275,
            0.075,
            0.6025,
            0.15,
            0.6775,
            0.225,
            0.755,
            0.3025,
            0.83,
            0.3775,
            0.905,
            0.4525,
            0,
            0.5275,
            0.075,
            0.6025,
            0.15,
            0.6775,
            0.225,
            0.755,
            0.3025,
            0.83,
            0.3775,
            0.905,
            0.4525,
            0,
            0.5275,
            0.075,
            0.6025,
            0.15,
            0.6775,
            0.225,
            0.755,
            0.3025,
            0.83,
            0.3775,
            0.905,
            0.4525,
            0,
            0.5275,
            0.075,
            0.6025,
            0.15,
            0.6775,
            0.225,
            0.755,
            0.3025,
            0.83,
            0.3775,
            0.905,
            0.4525
        ],
        "SliceTimingTableSize": 52,
        "TE": 0.028,
        "TR": 1,
        "TimeResolutionVerified": true,
        "Version": 1,
        "VoxelResolutionVerified": true
    },
    "ConversionSoftware": "BrainVoyager",
    "ConversionSoftwareVersion": "21.4.5.4030",
    "ImageNumber": 1,
    "ImageOrientationPatientDICOM": [
        1,
        0,
        0,
        0,
        0.90408254062517,
        -0.4273578825022
    ],
    "ImagePositionPatientDICOM": [
        -841.21828341484,
        -796.64955278359,
        273.92999263972
    ],
    "ImageType": "ORIGINAL PRIMARY M MB ND NORM MOSAIC",
    "MagneticFieldStrength": 3,
    "Manufacturer": "SIEMENS",
    "ManufacturersModelName": "Prisma_fit",
    "Modality": "MR",
    "NrOfTemporalPositions": 0,
    "PatientPosition": "HFS",
    "RepetitionTime": 1,
    "SeriesDescription": "ep_mb4_2.5iso",
    "SeriesNumber": 11,
    "SiemensMosaicSliceAcqOrder": 3,
    "SiemensMosaicTE": 0.028,
    "SiemensMosaicTR": 1,
    "SliceThickness": 2.5,
    "SliceTiming": [
        0,
        0.5275,
        0.075,
        0.6025,
        0.15,
        0.6775,
        0.225,
        0.755,
        0.3025,
        0.83,
        0.3775,
        0.905,
        0.4525,
        0,
        0.5275,
        0.075,
        0.6025,
        0.15,
        0.6775,
        0.225,
        0.755,
        0.3025,
        0.83,
        0.3775,
        0.905,
        0.4525,
        0,
        0.5275,
        0.075,
        0.6025,
        0.15,
        0.6775,
        0.225,
        0.755,
        0.3025,
        0.83,
        0.3775,
        0.905,
        0.4525,
        0,
        0.5275,
        0.075,
        0.6025,
        0.15,
        0.6775,
        0.225,
        0.755,
        0.3025,
        0.83,
        0.3775,
        0.905,
        0.4525
    ],
    "StudyDescription": "newbi4fmri_VAR6_Adaptation",
    "TaskName": "newbi4fmri_VAR6_Adaptation"
}
