{
    "AcquisitionNumber": 1,
    "AcquisitionTime": "09:41:39",
    "BrainVoyagerInfo": {
        "CalculatedDicomSlice1CenterX": -89.9587173461914,
        "CalculatedDicomSlice1CenterY": -28.48980712890625,
        "CalculatedDicomSlice1CenterZ": -51.68103790283203,
        "CalculatedDicomSliceNCenterX": 85.0412826538086,
        "CalculatedDicomSliceNCenterY": -28.48980712890625,
        "CalculatedDicomSliceNCenterZ": -51.68103790283203,
        "CoordinateSystem": 1,
        "DicomColDirX": 0,
        "DicomColDirY": 0,
        "DicomColDirZ": -1,
        "DicomFoVCols": 256,
        "DicomFoVRows": 232,
        "DicomGapThickness": 0,
        "DicomNCols": 232,
        "DicomNRows": 256,
        "DicomPosInfoPresent": 1,
        "DicomRowDirX": 0,
        "DicomRowDirY": 1,
        "DicomRowDirZ": 0,
        "DicomSliceThickness": 1,
        "DocumentType": "VMR",
        "FramingCubeDim": 256,
        "MagnetPosInfosVerified": 1,
        "NrOfPastSpatialTransformations": 0,
        "NrOfPreprocessingSteps": 0,
        "OffsetX": 0,
        "OffsetY": 0,
        "OffsetZ": 0,
        "ReferenceSpace": "Native",
        "Version": 1
    },
    "ConversionSoftware": "BrainVoyager",
    "ConversionSoftwareVersion": "21.4.5.4030",
    "ImageNumber": 176,
    "ImageOrientationPatientDICOM": [
        0,
        1,
        0,
        0,
        0,
        -1
    ],
    "ImagePositionPatientDICOM": [
        85.041281938553,
        -143.98980522156,
        75.818962097168
    ],
    "ImageType": "ORIGINAL PRIMARY M ND NORM",
    "MagneticFieldStrength": 3,
    "Manufacturer": "SIEMENS",
    "ManufacturersModelName": "Prisma_fit",
    "Modality": "MR",
    "PatientPosition": "HFS",
    "RepetitionTime": 2.3,
    "SeriesDescription": "mprage_sag_p2",
    "SeriesNumber": 2,
    "SliceThickness": 1,
    "StudyDescription": "Culham^Psych_9223"
}
