{
    "AcquisitionNumber": 1,
    "AcquisitionTime": "10:18:52.195000",
    "BrainVoyagerInfo": {
        "AcquisitionTime": "101852.195000",
        "CalculatedDicomSlice1CenterX": -2.46826171875,
        "CalculatedDicomSlice1CenterY": -38.35030746459961,
        "CalculatedDicomSlice1CenterZ": -84.51643371582031,
        "CalculatedDicomSliceNCenterX": -2.46826171875,
        "CalculatedDicomSliceNCenterY": 16.137821197509766,
        "CalculatedDicomSliceNCenterZ": 30.754093170166016,
        "CoordinateSystem": 1,
        "DataStorageFormat": 2,
        "DataType": 2,
        "DicomColDirX": 0,
        "DicomColDirY": 0.9040825366973877,
        "DicomColDirZ": -0.42735788226127625,
        "DicomFoVCols": 210,
        "DicomFoVRows": 210,
        "DicomGapThickness": 0,
        "DicomNCols": 84,
        "DicomNRows": 84,
        "DicomPosInfoPresent": 1,
        "DicomRowDirX": 1,
        "DicomRowDirY": 0,
        "DicomRowDirZ": 0,
        "DicomSliceThickness": 2.5,
        "DocumentType": "FMR",
        "MultiBandSequence": true,
        "NrOfPastSpatialTransformations": 0,
        "NrOfPreprocessingSteps": 0,
        "NrOfSkippedVolumes": 0,
        "Protocol": {
            "Conditions": [
                {
                    "ColorB": 255,
                    "ColorG": 103,
                    "ColorR": 255,
                    "IntervalsFrom": [
                        23,
                        33,
                        53,
                        117,
                        137,
                        175,
                        185,
                        201
                    ],
                    "IntervalsTo": [
                        24,
                        34,
                        54,
                        118,
                        138,
                        176,
                        186,
                        202
                    ],
                    "Name": "Face_Same",
                    "NrOfIntervals": 8
                },
                {
                    "ColorB": 255,
                    "ColorG": 0,
                    "ColorR": 255,
                    "IntervalsFrom": [
                        17,
                        43,
                        69,
                        159,
                        207,
                        245,
                        251,
                        257
                    ],
                    "IntervalsTo": [
                        18,
                        44,
                        70,
                        160,
                        208,
                        246,
                        252,
                        258
                    ],
                    "Name": "Face_Dif",
                    "NrOfIntervals": 8
                },
                {
                    "ColorB": 255,
                    "ColorG": 0,
                    "ColorR": 129,
                    "IntervalsFrom": [
                        59,
                        79,
                        95,
                        101,
                        111,
                        127,
                        223,
                        267
                    ],
                    "IntervalsTo": [
                        60,
                        80,
                        96,
                        102,
                        112,
                        128,
                        224,
                        268
                    ],
                    "Name": "Hand_Same",
                    "NrOfIntervals": 8
                },
                {
                    "ColorB": 0,
                    "ColorG": 168,
                    "ColorR": 0,
                    "IntervalsFrom": [
                        89,
                        143,
                        153,
                        169,
                        191,
                        213,
                        229,
                        235
                    ],
                    "IntervalsTo": [
                        90,
                        144,
                        154,
                        170,
                        192,
                        214,
                        230,
                        236
                    ],
                    "Name": "Hand_Dif",
                    "NrOfIntervals": 8
                }
            ],
            "FileName": "sub-24_ses-01_EventRelated_run-1.prt",
            "Name": "newbi4fmri_VAR6_Adaptation",
            "NrOfConditions": 4,
            "TimeCourseColors": {
                "RefTCPenThick": 3,
                "RefTimeCourseB": 80,
                "RefTimeCourseG": 0,
                "RefTimeCourseR": 0,
                "TCBackColorB": 0,
                "TCBackColorG": 0,
                "TCBackColorR": 0,
                "TCPenThick": 3,
                "TCTextColorB": 255,
                "TCTextColorG": 255,
                "TCTextColorR": 255,
                "TimeCourseB": 255,
                "TimeCourseG": 255,
                "TimeCourseR": 255
            },
            "TimeResolution": "Volumes"
        },
        "SliceAcquisitionOrder": 5,
        "SliceAcquisitionOrderVerified": true,
        "SliceGap": 0,
        "SliceThickness": 2.5,
        "SliceTimingTable": [
            0,
            0.53,
            0.0775,
            0.605,
            0.1525,
            0.68,
            0.2275,
            0.755,
            0.3025,
            0.83,
            0.3775,
            0.905,
            0.4525,
            0,
            0.53,
            0.0775,
            0.605,
            0.1525,
            0.68,
            0.2275,
            0.755,
            0.3025,
            0.83,
            0.3775,
            0.905,
            0.4525,
            0,
            0.53,
            0.0775,
            0.605,
            0.1525,
            0.68,
            0.2275,
            0.755,
            0.3025,
            0.83,
            0.3775,
            0.905,
            0.4525,
            0,
            0.53,
            0.0775,
            0.605,
            0.1525,
            0.68,
            0.2275,
            0.755,
            0.3025,
            0.83,
            0.3775,
            0.905,
            0.4525
        ],
        "SliceTimingTableSize": 52,
        "TE": 0.028,
        "TR": 1,
        "TimeResolutionVerified": true,
        "Version": 1,
        "VoxelResolutionVerified": true
    },
    "ConversionSoftware": "BrainVoyager",
    "ConversionSoftwareVersion": "21.4.5.4030",
    "ImageNumber": 1,
    "ImageOrientationPatientDICOM": [
        1,
        0,
        0,
        0,
        0.90408254062517,
        -0.4273578825022
    ],
    "ImagePositionPatientDICOM": [
        -841.21828341484,
        -796.64955278359,
        273.92999263972
    ],
    "ImageType": "ORIGINAL PRIMARY M MB ND NORM MOSAIC",
    "MagneticFieldStrength": 3,
    "Manufacturer": "SIEMENS",
    "ManufacturersModelName": "Prisma_fit",
    "Modality": "MR",
    "NrOfTemporalPositions": 0,
    "PatientPosition": "HFS",
    "RepetitionTime": 1,
    "SeriesDescription": "ep_mb4_2.5iso",
    "SeriesNumber": 9,
    "SiemensMosaicSliceAcqOrder": 3,
    "SiemensMosaicTE": 0.028,
    "SiemensMosaicTR": 1,
    "SliceThickness": 2.5,
    "SliceTiming": [
        0,
        0.53,
        0.0775,
        0.605,
        0.1525,
        0.68,
        0.2275,
        0.755,
        0.3025,
        0.83,
        0.3775,
        0.905,
        0.4525,
        0,
        0.53,
        0.0775,
        0.605,
        0.1525,
        0.68,
        0.2275,
        0.755,
        0.3025,
        0.83,
        0.3775,
        0.905,
        0.4525,
        0,
        0.53,
        0.0775,
        0.605,
        0.1525,
        0.68,
        0.2275,
        0.755,
        0.3025,
        0.83,
        0.3775,
        0.905,
        0.4525,
        0,
        0.53,
        0.0775,
        0.605,
        0.1525,
        0.68,
        0.2275,
        0.755,
        0.3025,
        0.83,
        0.3775,
        0.905,
        0.4525
    ],
    "StudyDescription": "newbi4fmri_VAR6_Adaptation",
    "TaskName": "newbi4fmri_VAR6_Adaptation"
}
